GEM
  remote: https://rubygems.org/
  specs:
    diff-lcs (1.4.4)
    nio4r (2.5.5)
    pg (1.2.3)
    puma (5.2.1)
      nio4r (~> 2.0)
    rack (2.2.3)
    roda (3.40.0)
      rack
    rspec (3.10.0)
      rspec-core (~> 3.10.0)
      rspec-expectations (~> 3.10.0)
      rspec-mocks (~> 3.10.0)
    rspec-core (3.10.1)
      rspec-support (~> 3.10.0)
    rspec-expectations (3.10.1)
      diff-lcs (>= 1.2.0, < 2.0)
      rspec-support (~> 3.10.0)
    rspec-mocks (3.10.2)
      diff-lcs (>= 1.2.0, < 2.0)
      rspec-support (~> 3.10.0)
    rspec-support (3.10.2)
    sequel (5.41.0)

PLATFORMS
  x86_64-linux-musl

DEPENDENCIES
  pg
  puma
  roda (~> 3.40.0)
  rspec
  sequel

RUBY VERSION
   ruby 3.0.0p0

BUNDLED WITH
   2.2.3
