GEM
  remote: https://rubygems.org/
  specs:
    bcrypt (3.1.16)
    byebug (11.1.3)
    erubi (1.10.0)
    jwt (2.2.2)
    mail (2.7.1)
      mini_mime (>= 0.1.1)
    mini_mime (1.0.2)
    nio4r (2.5.5)
    pg (1.2.3)
    puma (5.2.1)
      nio4r (~> 2.0)
    rack (2.2.3)
    rake (13.0.3)
    roda (3.40.0)
      rack
    rodauth (2.9.0)
      roda (>= 2.6.0)
      sequel (>= 4)
    ruby_http_client (3.5.2)
    sendgrid-ruby (6.4.0)
      ruby_http_client (~> 3.4)
    sequel (5.41.0)
    tilt (2.0.10)

PLATFORMS
  x86_64-linux-musl

DEPENDENCIES
  bcrypt
  byebug
  erubi
  jwt
  mail
  pg
  puma
  rake
  roda (~> 3.40.0)
  rodauth
  sendgrid-ruby
  tilt

RUBY VERSION
   ruby 3.0.0p0

BUNDLED WITH
   2.2.3
