GEM
  remote: https://rubygems.org/
  specs:
    byebug (11.1.3)
    nio4r (2.5.5)
    pg (1.2.3)
    puma (5.2.1)
      nio4r (~> 2.0)
    rack (2.2.3)
    rake (13.0.3)
    roda (3.40.0)
      rack
    rodauth (2.9.0)
      roda (>= 2.6.0)
      sequel (>= 4)
    sequel (5.41.0)

PLATFORMS
  x86_64-linux-musl

DEPENDENCIES
  byebug
  pg
  puma
  rake
  roda (~> 3.40.0)
  rodauth

RUBY VERSION
   ruby 3.0.0p0

BUNDLED WITH
   2.2.3
