GEM
  remote: https://rubygems.org/
  specs:
    byebug (11.1.3)
    minitest (5.14.4)
    minitest-hooks (1.5.0)
      minitest (> 5.3)
    nio4r (2.5.7)
    pg (1.2.3)
    puma (5.2.2)
      nio4r (~> 2.0)
    rack (2.2.3)
    rack-test (1.1.0)
      rack (>= 1.0, < 3)
    rack-unreloader (1.7.0)
    roda (3.40.0)
      rack
    sequel (5.42.0)
    sequel_postgresql_triggers (1.5.0)
      sequel
    sqlite3 (1.4.2)

PLATFORMS
  x86_64-linux-musl

DEPENDENCIES
  byebug
  minitest
  minitest-hooks
  pg
  puma
  rack-test
  rack-unreloader
  roda (~> 3.40.0)
  sequel
  sequel_postgresql_triggers
  sqlite3

RUBY VERSION
   ruby 3.0.0p0

BUNDLED WITH
   2.2.3
